GIT
  remote: git://github.com/gundestrup/acts_as_authenticated.git
  revision: ec1b24708054bc340539994f1553c06e97f50dcf
  specs:
    acts_as_authenticated (2.0)

GIT
  remote: git://github.com/says/acts_as_soft_deletable.git
  revision: 17b5ca72307be459c70cad6e7f9990be055e8d3a
  specs:
    acts_as_soft_deletable (0.0.2)
      rails (~> 3.0)

GEM
  remote: https://rubygems.org/
  specs:
    RedCloth (4.2.9)
    abstract (1.0.0)
    actionmailer (3.0.20)
      actionpack (= 3.0.20)
      mail (~> 2.2.19)
    actionpack (3.0.20)
      activemodel (= 3.0.20)
      activesupport (= 3.0.20)
      builder (~> 2.1.2)
      erubis (~> 2.6.6)
      i18n (~> 0.5.0)
      rack (~> 1.2.5)
      rack-mount (~> 0.6.14)
      rack-test (~> 0.5.7)
      tzinfo (~> 0.3.23)
    active_scaffold (3.0.5)
      actionpack (~> 3.0.0)
      activerecord (~> 3.0.0)
      render_component
      verification
    activemodel (3.0.20)
      activesupport (= 3.0.20)
      builder (~> 2.1.2)
      i18n (~> 0.5.0)
    activerecord (3.0.20)
      activemodel (= 3.0.20)
      activesupport (= 3.0.20)
      arel (~> 2.0.10)
      tzinfo (~> 0.3.23)
    activeresource (3.0.20)
      activemodel (= 3.0.20)
      activesupport (= 3.0.20)
    activesupport (3.0.20)
    acts-as-taggable-on (1.0.6)
    acts_as_versioned (0.6.0)
      activerecord (~> 3.0.0.beta4)
    addressable (2.3.5)
    arel (2.0.10)
    authorization (1.0.11)
    avatar (0.2.0)
    awesome_nested_set (2.1.6)
      activerecord (>= 3.0.0)
    awesome_print (1.2.0)
    background (0.0.1)
    builder (2.1.2)
    byebug (2.3.1)
      columnize (~> 0.3.6)
      debugger-linecache (~> 1.2.0)
    chronic (0.10.2)
    coderay (1.1.0)
    columnize (0.3.6)
    curb (0.8.4)
    debugger (1.6.2)
      columnize (>= 0.3.1)
      debugger-linecache (~> 1.2.0)
      debugger-ruby_core_source (~> 1.2.3)
    debugger-linecache (1.2.0)
    debugger-ruby_core_source (1.2.3)
    diff-lcs (1.2.5)
    erubis (2.6.6)
      abstract (>= 1.0.0)
    factory_girl (4.3.0)
      activesupport (>= 3.0.0)
    factory_girl_rails (4.3.0)
      factory_girl (~> 4.3.0)
      railties (>= 3.0.0)
    faraday (0.8.8)
      multipart-post (~> 1.2.0)
    faraday_middleware (0.9.0)
      faraday (>= 0.7.4, < 0.9)
    gmaps4rails (1.4.2)
      json
    hpricot (0.8.6)
    htmlentities (4.3.1)
    http_url_validation_improved (1.3.1)
      addressable
    i18n (0.5.0)
    json (1.8.0)
    kete-feedzirra (0.0.20.1)
      activesupport (>= 2.0.0)
      builder (>= 2.1.2)
      curb (>= 0.2.3)
      loofah (>= 0.3.1)
      nokogiri (> 0.0.0)
      sax-machine (>= 0.0.12)
    libxml-ruby (2.7.0)
    loofah (1.0.0)
      nokogiri (>= 1.3.3)
    mail (2.2.20)
      activesupport (>= 2.3.6)
      i18n (>= 0.4.0)
      mime-types (~> 1.16)
      treetop (~> 1.4.8)
    memcache-client (1.8.5)
    memcached (1.7.0)
    method_source (0.8.2)
    mime-types (1.25)
    mini_exiftool (1.7.0)
    multipart-post (1.2.0)
    mysql (2.9.1)
    nokogiri (1.3.3)
    oai (0.3.0)
      builder (>= 2.0.0)
      faraday
      faraday_middleware
    packet (0.1.15)
    polyglot (0.3.3)
    pry (0.9.12.3)
      coderay (~> 1.0)
      method_source (~> 0.8)
      slop (~> 3.4)
    pry-byebug (1.2.0)
      byebug (~> 2.2)
      pry (~> 0.9.12)
    pry-rails (0.3.2)
      pry (>= 0.9.10)
    rack (1.2.8)
    rack-mount (0.6.14)
      rack (>= 1.0.0)
    rack-test (0.5.7)
      rack (>= 1.0)
    railroady (1.1.1)
    rails (3.0.20)
      actionmailer (= 3.0.20)
      actionpack (= 3.0.20)
      activerecord (= 3.0.20)
      activeresource (= 3.0.20)
      activesupport (= 3.0.20)
      bundler (~> 1.0)
      railties (= 3.0.20)
    railties (3.0.20)
      actionpack (= 3.0.20)
      activesupport (= 3.0.20)
      rake (>= 0.8.7)
      rdoc (~> 3.4)
      thor (~> 0.14.4)
    rake (10.1.0)
    rdoc (3.12.2)
      json (~> 1.4)
    render_component (3.0.4)
      railties (~> 3.0.0)
    rmagick (2.12.2)
    routing-filter (0.1.6)
      actionpack
    rspec-core (2.14.7)
    rspec-expectations (2.14.4)
      diff-lcs (>= 1.1.3, < 2.0)
    rspec-mocks (2.14.4)
    rspec-rails (2.14.0)
      actionpack (>= 3.0)
      activesupport (>= 3.0)
      railties (>= 3.0)
      rspec-core (~> 2.14.0)
      rspec-expectations (~> 2.14.0)
      rspec-mocks (~> 2.14.0)
    sax-machine (0.1.0)
      nokogiri (> 0.0.0)
    slop (3.4.6)
    sqlite3 (1.3.8)
    thor (0.14.6)
    treetop (1.4.15)
      polyglot
      polyglot (>= 0.3.1)
    tzinfo (0.3.37)
    unicode (0.4.4)
    verification (1.0.1)
      actionpack (~> 3.0.0)
      activesupport (~> 3.0.0)
    will_paginate (2.3.11)
    xml-simple (1.1.2)
    ya2yaml (0.31)

PLATFORMS
  ruby

DEPENDENCIES
  RedCloth
  active_scaffold (= 3.0.5)
  acts-as-taggable-on (= 1.0.6)
  acts_as_authenticated (= 2.0)!
  acts_as_soft_deletable!
  acts_as_versioned (= 0.6.0)
  authorization (= 1.0.11)
  avatar
  awesome_nested_set (~> 2.1.6)
  awesome_print
  background
  byebug
  chronic
  debugger
  factory_girl_rails (~> 4.3.0)
  gmaps4rails (= 1.4.2)
  hpricot
  htmlentities
  http_url_validation_improved
  kete-feedzirra
  libxml-ruby
  memcache-client
  memcached
  mime-types
  mini_exiftool (< 2.0.0)
  mysql
  nokogiri (= 1.3.3)
  oai (= 0.3.0)
  packet
  pry-byebug
  pry-rails
  railroady
  rails (= 3.0.20)
  rake (~> 10.1.0)
  rdoc
  rmagick (= 2.12.2)
  routing-filter (= 0.1.6)
  rspec-rails (~> 2.14.0)
  sqlite3 (~> 1.3.7)
  unicode
  will_paginate (= 2.3.11)
  xml-simple
  ya2yaml
