GEM
  remote: http://rubygems.org/
  specs:
    RedCloth (4.2.9)
    actionmailer (2.3.5)
      actionpack (= 2.3.5)
    actionpack (2.3.5)
      activesupport (= 2.3.5)
      rack (~> 1.0.0)
    activerecord (2.3.5)
      activesupport (= 2.3.5)
    activeresource (2.3.5)
      activesupport (= 2.3.5)
    activesupport (2.3.5)
    addressable (2.2.6)
    builder (3.0.0)
    daemon_controller (0.2.6)
    fastthread (1.0.7)
    gmaps4rails (1.4.3)
      json
    hpricot (0.8.6)
    http_url_validation_improved (1.3.0)
      addressable
    json (1.6.5)
    mini_exiftool (1.3.1)
    mysql (2.8.1)
    nokogiri (1.5.0)
    oai (0.0.12)
      builder (>= 2.0.0)
    oembed_provider (0.1.1)
      addressable
    packet (0.1.15)
    passenger (3.0.11)
      daemon_controller (>= 0.2.5)
      fastthread (>= 1.0.1)
      rack
      rake (>= 0.8.1)
    rack (1.0.1)
    rails (2.3.5)
      actionmailer (= 2.3.5)
      actionpack (= 2.3.5)
      activerecord (= 2.3.5)
      activeresource (= 2.3.5)
      activesupport (= 2.3.5)
      rake (>= 0.8.3)
    rake (0.8.7)
    rmagick (2.12.2)
    tiny_mce (0.1.8)
    tiny_mce_plugin_imageselector (0.0.7)
    xml-simple (1.1.1)
    zoom (0.4.1)

PLATFORMS
  ruby

DEPENDENCIES
  RedCloth
  gmaps4rails
  hpricot
  http_url_validation_improved
  mini_exiftool
  mysql
  nokogiri
  oai
  oembed_provider
  packet
  passenger
  rails (= 2.3.5)
  rake (= 0.8.7)
  rmagick (= 2.12.2)
  tiny_mce
  tiny_mce_plugin_imageselector
  xml-simple
  zoom
