GIT
  remote: git://github.com/gundestrup/acts_as_authenticated.git
  revision: ec1b24708054bc340539994f1553c06e97f50dcf
  specs:
    acts_as_authenticated (2.0)

GIT
  remote: git://github.com/jwhitehorn/acts_as_versioned.git
  revision: 44dfe632ba8c97c786cbc172a2da18a41b17f668
  specs:
    acts_as_versioned (3.2.1)
      activerecord

GIT
  remote: git://github.com/kete/acts_as_licensed.git
  revision: 51404e95591af17236bb96f072cb2d7b5582af5f
  branch: rails3-gem
  specs:
    acts_as_licensed (0.0.1)
      railties (>= 3.0.0)

GIT
  remote: git://github.com/kete/feedzirra.git
  revision: c38c7ab43d75de4f073f6f8f34531a785054f363
  specs:
    kete-feedzirra (0.0.20.1)
      activesupport (>= 2.0.0)
      builder (>= 2.1.2)
      curb (>= 0.2.3)
      loofah (>= 0.3.1)
      nokogiri (> 0.0.0)
      sax-machine (>= 0.0.12)

GIT
  remote: git://github.com/says/acts_as_soft_deletable.git
  revision: 17b5ca72307be459c70cad6e7f9990be055e8d3a
  specs:
    acts_as_soft_deletable (0.0.2)
      rails (~> 3.0)

GEM
  remote: https://rubygems.org/
  specs:
    RedCloth (4.2.9)
    actionmailer (3.2.15)
      actionpack (= 3.2.15)
      mail (~> 2.5.4)
    actionpack (3.2.15)
      activemodel (= 3.2.15)
      activesupport (= 3.2.15)
      builder (~> 3.0.0)
      erubis (~> 2.7.0)
      journey (~> 1.0.4)
      rack (~> 1.4.5)
      rack-cache (~> 1.2)
      rack-test (~> 0.6.1)
      sprockets (~> 2.2.1)
    active_scaffold (3.3.3)
      rails (~> 3.2.0)
    activemodel (3.2.15)
      activesupport (= 3.2.15)
      builder (~> 3.0.0)
    activerecord (3.2.15)
      activemodel (= 3.2.15)
      activesupport (= 3.2.15)
      arel (~> 3.0.2)
      tzinfo (~> 0.3.29)
    activeresource (3.2.15)
      activemodel (= 3.2.15)
      activesupport (= 3.2.15)
    activesupport (3.2.15)
      i18n (~> 0.6, >= 0.6.4)
      multi_json (~> 1.0)
    acts-as-taggable-on (2.4.1)
      rails (>= 3, < 5)
    acts_as_configurable (0.0.8)
    acts_as_list (0.3.0)
      activerecord (>= 3.0)
    addressable (2.3.5)
    arel (3.0.3)
    authorization (1.0.11)
    avatar (0.2.0)
    awesome_nested_set (2.1.6)
      activerecord (>= 3.0.0)
    awesome_print (1.2.0)
    backgroundrb-rails3 (1.1.6)
      chronic (>= 0.2.3)
      packet (>= 0.1.15)
      rails (>= 3.0.0)
    builder (3.0.4)
    byebug (2.3.1)
      columnize (~> 0.3.6)
      debugger-linecache (~> 1.2.0)
    choice (0.1.6)
    chronic (0.10.2)
    coderay (1.1.0)
    columnize (0.3.6)
    curb (0.8.5)
    debugger (1.6.2)
      columnize (>= 0.3.1)
      debugger-linecache (~> 1.2.0)
      debugger-ruby_core_source (~> 1.2.3)
    debugger-linecache (1.2.0)
    debugger-ruby_core_source (1.2.3)
    debugger-xml (0.3.2)
      builder (>= 2.0.0)
      debugger (>= 1.6.2)
    diff-lcs (1.2.5)
    erubis (2.7.0)
    factory_girl (4.3.0)
      activesupport (>= 3.0.0)
    factory_girl_rails (4.3.0)
      factory_girl (~> 4.3.0)
      railties (>= 3.0.0)
    faraday (0.8.8)
      multipart-post (~> 1.2.0)
    faraday_middleware (0.9.0)
      faraday (>= 0.7.4, < 0.9)
    gmaps4rails (1.4.2)
      json
    haml (4.1.0.alpha.2)
      tilt
    hike (1.2.3)
    hpricot (0.8.6)
    htmlentities (4.3.1)
    http_url_validation_improved (1.3.1)
      addressable
    i18n (0.6.5)
    journey (1.0.4)
    json (1.8.1)
    libxml-ruby (2.7.0)
    loofah (1.0.0)
      nokogiri (>= 1.3.3)
    mail (2.5.4)
      mime-types (~> 1.16)
      treetop (~> 1.4.8)
    method_source (0.8.2)
    mime-types (1.25.1)
    mini_exiftool (1.7.0)
    multi_json (1.8.2)
    multipart-post (1.2.0)
    mysql (2.9.1)
    nokogiri (1.3.3)
    oai (0.3.0)
      builder (>= 2.0.0)
      faraday
      faraday_middleware
    packet (0.1.15)
    polyglot (0.3.3)
    pothoven-attachment_fu (3.2.10)
    prototype-rails (3.2.1)
      rails (~> 3.2)
    pry (0.9.12.3)
      coderay (~> 1.0)
      method_source (~> 0.8)
      slop (~> 3.4)
    pry-byebug (1.2.0)
      byebug (~> 2.2)
      pry (~> 0.9.12)
    pry-rails (0.3.2)
      pry (>= 0.9.10)
    rack (1.4.5)
    rack-cache (1.2)
      rack (>= 0.4)
    rack-ssl (1.3.3)
      rack
    rack-test (0.6.2)
      rack (>= 1.0)
    railroady (1.1.1)
    rails (3.2.15)
      actionmailer (= 3.2.15)
      actionpack (= 3.2.15)
      activerecord (= 3.2.15)
      activeresource (= 3.2.15)
      activesupport (= 3.2.15)
      bundler (~> 1.0)
      railties (= 3.2.15)
    rails-erd (1.1.0)
      activerecord (>= 3.0)
      activesupport (>= 3.0)
      choice (~> 0.1.6)
      ruby-graphviz (~> 1.0.4)
    railties (3.2.15)
      actionpack (= 3.2.15)
      activesupport (= 3.2.15)
      rack-ssl (~> 1.3.2)
      rake (>= 0.8.7)
      rdoc (~> 3.4)
      thor (>= 0.14.6, < 2.0)
    rake (10.1.0)
    rdoc (3.12.2)
      json (~> 1.4)
    rmagick (2.12.2)
    routing-filter (0.3.1)
      actionpack
    rspec-core (2.14.7)
    rspec-expectations (2.14.4)
      diff-lcs (>= 1.1.3, < 2.0)
    rspec-mocks (2.14.4)
    rspec-rails (2.14.0)
      actionpack (>= 3.0)
      activesupport (>= 3.0)
      railties (>= 3.0)
      rspec-core (~> 2.14.0)
      rspec-expectations (~> 2.14.0)
      rspec-mocks (~> 2.14.0)
    ruby-graphviz (1.0.9)
    sax-machine (0.1.0)
      nokogiri (> 0.0.0)
    slop (3.4.6)
    sprockets (2.2.2)
      hike (~> 1.2)
      multi_json (~> 1.0)
      rack (~> 1.0)
      tilt (~> 1.1, != 1.3.0)
    sql-logging (3.0.8)
      rails (> 3.0.0)
    sqlite3 (1.3.8)
    thor (0.18.1)
    tilt (1.4.1)
    treetop (1.4.15)
      polyglot
      polyglot (>= 0.3.1)
    tzinfo (0.3.38)
    unicode (0.4.4)
    validates_xml (1.0.3)
      activerecord (>= 2.0.0)
    will_paginate (3.0.5)
    xml-simple (1.1.2)
    ya2yaml (0.31)

PLATFORMS
  ruby

DEPENDENCIES
  RedCloth
  active_scaffold (~> 3.3.3)
  acts-as-taggable-on (~> 2.4.1)
  acts_as_authenticated (= 2.0)!
  acts_as_configurable (= 0.0.8)
  acts_as_licensed!
  acts_as_list (~> 0.3.0)
  acts_as_soft_deletable!
  acts_as_versioned!
  authorization (= 1.0.11)
  avatar
  awesome_nested_set (~> 2.1.6)
  awesome_print
  backgroundrb-rails3 (~> 1.1.6)
  byebug
  chronic
  debugger
  debugger-xml
  factory_girl_rails (~> 4.3.0)
  gmaps4rails (= 1.4.2)
  haml
  hpricot
  htmlentities
  http_url_validation_improved
  kete-feedzirra!
  libxml-ruby
  mime-types
  mini_exiftool (< 2.0.0)
  mysql
  nokogiri (= 1.3.3)
  oai (= 0.3.0)
  packet
  pothoven-attachment_fu
  prototype-rails
  pry-byebug
  pry-rails
  railroady
  rails (= 3.2.15)
  rails-erd
  rake (~> 10.1.0)
  rdoc
  rmagick (= 2.12.2)
  routing-filter (~> 0.3.1)
  rspec-rails (~> 2.14.0)
  sql-logging
  sqlite3 (~> 1.3.7)
  unicode
  validates_xml (= 1.0.3)
  will_paginate (~> 3.0.5)
  xml-simple
  ya2yaml
