GEM
  remote: https://rubygems.org/
  specs:
    RedCloth (4.2.9)
    abstract (1.0.0)
    actionmailer (3.0.20)
      actionpack (= 3.0.20)
      mail (~> 2.2.19)
    actionpack (3.0.20)
      activemodel (= 3.0.20)
      activesupport (= 3.0.20)
      builder (~> 2.1.2)
      erubis (~> 2.6.6)
      i18n (~> 0.5.0)
      rack (~> 1.2.5)
      rack-mount (~> 0.6.14)
      rack-test (~> 0.5.7)
      tzinfo (~> 0.3.23)
    activemodel (3.0.20)
      activesupport (= 3.0.20)
      builder (~> 2.1.2)
      i18n (~> 0.5.0)
    activerecord (3.0.20)
      activemodel (= 3.0.20)
      activesupport (= 3.0.20)
      arel (~> 2.0.10)
      tzinfo (~> 0.3.23)
    activeresource (3.0.20)
      activemodel (= 3.0.20)
      activesupport (= 3.0.20)
    activesupport (3.0.20)
    addressable (2.3.5)
    arel (2.0.10)
    avatar (0.2.0)
    background (0.0.1)
    builder (2.1.2)
    chronic (0.10.2)
    curb (0.8.4)
    erubis (2.6.6)
      abstract (>= 1.0.0)
    gmaps4rails (1.4.2)
      json
    hpricot (0.8.6)
    htmlentities (4.3.1)
    http_url_validation_improved (1.3.1)
      addressable
    i18n (0.5.0)
    json (1.8.0)
    kete-feedzirra (0.0.20.1)
      activesupport (>= 2.0.0)
      builder (>= 2.1.2)
      curb (>= 0.2.3)
      loofah (>= 0.3.1)
      nokogiri (> 0.0.0)
      sax-machine (>= 0.0.12)
    libxml-ruby (2.7.0)
    loofah (1.0.0)
      nokogiri (>= 1.3.3)
    mail (2.2.20)
      activesupport (>= 2.3.6)
      i18n (>= 0.4.0)
      mime-types (~> 1.16)
      treetop (~> 1.4.8)
    memcache-client (1.8.5)
    memcached (1.7.0)
    mime-types (1.25)
    mini_exiftool (1.7.0)
    mysql (2.9.1)
    nokogiri (1.3.3)
    oai (0.0.12)
      builder (>= 2.0.0)
    oembed_provider (0.1.1)
      addressable
    packet (0.1.15)
    polyglot (0.3.3)
    rack (1.2.8)
    rack-mount (0.6.14)
      rack (>= 1.0.0)
    rack-test (0.5.7)
      rack (>= 1.0)
    rails (3.0.20)
      actionmailer (= 3.0.20)
      actionpack (= 3.0.20)
      activerecord (= 3.0.20)
      activeresource (= 3.0.20)
      activesupport (= 3.0.20)
      bundler (~> 1.0)
      railties (= 3.0.20)
    railties (3.0.20)
      actionpack (= 3.0.20)
      activesupport (= 3.0.20)
      rake (>= 0.8.7)
      rdoc (~> 3.4)
      thor (~> 0.14.4)
    rake (0.9.2.2)
    rdoc (3.12.2)
      json (~> 1.4)
    rmagick (2.12.2)
    sax-machine (0.1.0)
      nokogiri (> 0.0.0)
    sqlite3 (1.3.8)
    system_timer (1.2.4)
    thor (0.14.6)
    treetop (1.4.15)
      polyglot
      polyglot (>= 0.3.1)
    tzinfo (0.3.37)
    unicode (0.4.4)
    xml-simple (1.1.2)
    ya2yaml (0.31)
    zoom (0.4.1)

PLATFORMS
  ruby

DEPENDENCIES
  RedCloth
  avatar
  background
  chronic
  gmaps4rails (= 1.4.2)
  hpricot
  htmlentities
  http_url_validation_improved
  kete-feedzirra
  libxml-ruby
  memcache-client
  memcached
  mime-types
  mini_exiftool (< 2.0.0)
  mysql
  nokogiri (= 1.3.3)
  oai (= 0.0.12)
  oembed_provider
  packet
  rails (= 3.0.20)
  rake (= 0.9.2.2)
  rdoc
  rmagick (= 2.12.2)
  sqlite3 (~> 1.3.7)
  system_timer
  unicode
  xml-simple
  ya2yaml
  zoom
