PATH
  remote: vendor/gems/oai-0.0.12
  specs:
    oai (0.0.12)

GEM
  remote: https://rubygems.org/
  specs:
    RedCloth (4.2.9)
    actionmailer (3.0.0)
      actionpack (= 3.0.0)
    actionpack (3.0.0)
      activesupport (= 3.0.0)
      rack (~> 1.0.0)
    activerecord (3.0.0)
      activesupport (= 3.0.0)
    activeresource (3.0.0)
      activesupport (= 3.0.0)
    activesupport (3.0.0)
    addressable (2.3.5)
    avatar (0.2.0)
    background (0.0.1)
    builder (2.1.2)
    chronic (0.9.1)
    curb (0.8.4)
    factory_girl (1.2.4)
    gmaps4rails (1.4.2)
      json
    hoe (3.7.0)
      rake (>= 0.8, < 11.0)
    hpricot (0.8.6)
    htmlentities (4.3.1)
    http_url_validation_improved (1.3.1)
      addressable
    json (1.8.0)
    kete-feedzirra (0.0.20.1)
      activesupport (>= 2.0.0)
      builder (>= 2.1.2)
      curb (>= 0.2.3)
      loofah (>= 0.3.1)
      nokogiri (> 0.0.0)
      sax-machine (>= 0.0.12)
    libxml-ruby (2.6.0)
    loofah (1.0.0)
      nokogiri (>= 1.3.3)
    memcache-client (1.8.5)
    memcached (1.6.1)
    mime-types (1.23)
    mini_exiftool (1.7.0)
    mysql (2.9.1)
    nokogiri (1.3.3)
      hoe (>= 2.3.2)
      racc
      rake-compiler
      rexical
    oembed_provider (0.1.1)
      addressable
    packet (0.1.15)
    racc (1.4.9)
    rack (1.0.1)
    rack-test (0.6.2)
      rack (>= 1.0)
    rails (3.0.0)
      actionmailer (= 3.0.0)
      actionpack (= 3.0.0)
      activerecord (= 3.0.0)
      activeresource (= 3.0.0)
      activesupport (= 3.0.0)
      rake (>= 0.8.3)
    rake (0.9.2.2)
    rake-compiler (0.8.3)
      rake
    rdoc (4.0.1)
      json (~> 1.4)
    rexical (1.0.5)
    rmagick (2.12.2)
    sax-machine (0.1.0)
      nokogiri (> 0.0.0)
    shoulda (3.0.1)
      shoulda-context (~> 1.0.0)
      shoulda-matchers (~> 1.0.0)
    shoulda-context (1.0.2)
    shoulda-matchers (1.0.0)
    sqlite3 (1.3.7)
    system_timer (1.2.4)
    tiny_mce (0.1.8)
    tiny_mce_plugin_imageselector (0.0.8)
    unicode (0.4.4)
    webrat (0.7.3)
      nokogiri (>= 1.2.0)
      rack (>= 1.0)
      rack-test (>= 0.5.3)
    xml-simple (1.1.2)
    ya2yaml (0.31)
    zoom (0.4.1)

PLATFORMS
  ruby

DEPENDENCIES
  RedCloth
  avatar
  background
  chronic
  factory_girl (= 1.2.4)
  gmaps4rails (= 1.4.2)
  hpricot
  htmlentities
  http_url_validation_improved
  kete-feedzirra
  libxml-ruby
  memcache-client
  memcached
  mime-types
  mini_exiftool (< 2.0.0)
  mysql
  nokogiri (= 1.3.3)
  oai (= 0.0.12)!
  oembed_provider
  packet
  rails (= 3.0.0)
  rake (= 0.9.2.2)
  rdoc
  rmagick (= 2.12.2)
  shoulda
  sqlite3 (~> 1.3.7)
  system_timer
  tiny_mce
  tiny_mce_plugin_imageselector (>= 0.0.7)
  unicode
  webrat
  xml-simple
  ya2yaml
  zoom
